PATH
  remote: .
  specs:
    finder (0.0.1)

GEM
  remote: https://rubygems.org/
  specs:
    multi_json (1.3.6)
    rspec-core (2.10.1)
    simplecov (0.6.4)
      multi_json (~> 1.0)
      simplecov-html (~> 0.5.3)
    simplecov-html (0.5.3)

PLATFORMS
  ruby

DEPENDENCIES
  finder!
  rspec-core (~> 2.10)
  simplecov (~> 0.6.4)
