PATH
  remote: .
  specs:
    finder (0.0.1)
      httparty (~> 0.8)

GEM
  remote: https://rubygems.org/
  specs:
    diff-lcs (1.1.3)
    httparty (0.8.3)
      multi_json (~> 1.0)
      multi_xml
    multi_json (1.3.6)
    multi_xml (0.5.1)
    rspec-core (2.10.1)
    rspec-expectations (2.10.0)
      diff-lcs (~> 1.1.3)
    rspec-mocks (2.10.1)
    simplecov (0.6.4)
      multi_json (~> 1.0)
      simplecov-html (~> 0.5.3)
    simplecov-html (0.5.3)

PLATFORMS
  ruby

DEPENDENCIES
  finder!
  rspec-core (~> 2.10)
  rspec-expectations (~> 2.10)
  rspec-mocks (~> 2.10)
  simplecov (~> 0.6.4)
